GEM
  remote: https://rubygems.org/
  specs:
    aws-sdk (2.2.27)
      aws-sdk-resources (= 2.2.27)
    aws-sdk-core (2.2.27)
      jmespath (~> 1.0)
    aws-sdk-resources (2.2.27)
      aws-sdk-core (= 2.2.27)
    builder (3.2.2)
    contracts (0.7)
    coveralls (0.8.13)
      json (~> 1.8)
      simplecov (~> 0.11.0)
      term-ansicolor (~> 1.3)
      thor (~> 0.19.1)
      tins (~> 1.6.0)
    diff-lcs (1.2.5)
    docile (1.1.5)
    excon (0.48.0)
    fog (1.24.0)
      fog-brightbox
      fog-core (~> 1.23)
      fog-json
      fog-radosgw (>= 0.0.2)
      fog-sakuracloud (>= 0.0.4)
      fog-softlayer
      ipaddress (~> 0.5)
      nokogiri (~> 1.5, >= 1.5.11)
    fog-brightbox (0.10.1)
      fog-core (~> 1.22)
      fog-json
      inflecto (~> 0.0.2)
    fog-core (1.36.0)
      builder
      excon (~> 0.45)
      formatador (~> 0.2)
    fog-json (1.0.2)
      fog-core (~> 1.0)
      multi_json (~> 1.10)
    fog-radosgw (0.0.5)
      fog-core (>= 1.21.0)
      fog-json
      fog-xml (>= 0.0.1)
    fog-sakuracloud (1.7.5)
      fog-core
      fog-json
    fog-softlayer (1.1.0)
      fog-core
      fog-json
    fog-xml (0.1.2)
      fog-core
      nokogiri (~> 1.5, >= 1.5.11)
    formatador (0.2.5)
    inflecto (0.0.2)
    ipaddress (0.8.3)
    jdbc-postgres (9.4.1206)
    jmespath (1.1.3)
    jruby-jars (1.7.24)
    jruby-rack (1.1.20)
    json (1.8.3)
    json (1.8.3-java)
    mime-types (2.6.1)
    multi_json (1.11.2)
    net-ssh (2.9.2)
    nokogiri (1.6.7.2-java)
    plissken (0.1.0)
    rake (11.1.1)
    rspec (2.99.0)
      rspec-core (~> 2.99.0)
      rspec-expectations (~> 2.99.0)
      rspec-mocks (~> 2.99.0)
    rspec-core (2.99.2)
    rspec-expectations (2.99.2)
      diff-lcs (>= 1.1.3, < 2.0)
    rspec-mocks (2.99.4)
    rubyzip (1.1.7)
    simplecov (0.11.2)
      docile (~> 1.1.0)
      json (~> 1.8)
      simplecov-html (~> 0.10.0)
    simplecov-html (0.10.0)
    sluice (0.2.3)
      contracts (~> 0.4)
      fog (= 1.24)
      net-ssh (= 2.9.2)
    snowplow-tracker (0.5.3)
      contracts (~> 0.7, <= 0.11)
    term-ansicolor (1.3.2)
      tins (~> 1.0)
    thor (0.19.1)
    tins (1.6.0)
    warbler (1.4.9)
      jruby-jars (>= 1.5.6, < 2.0)
      jruby-rack (>= 1.1.1, < 1.3)
      rake (>= 0.9.6)
      rubyzip (>= 0.9, < 1.2)

PLATFORMS
  java
  ruby

DEPENDENCIES
  aws-sdk (~> 2)
  contracts (= 0.7)
  coveralls
  jdbc-postgres
  mime-types (= 2.6.1)
  plissken (~> 0.1.0)
  rspec (~> 2.14, >= 2.14.1)
  sluice (= 0.2.3)
  snowplow-tracker (= 0.5.3)
  warbler

RUBY VERSION
   ruby 1.9.3p551 (jruby 1.7.19)

BUNDLED WITH
   1.12.1
